GEM
  remote: http://rubygems.org/
  specs:
    mini_portile2 (2.4.0)
    minitest (5.2.2)
    mixlib-cli (1.2.2)
    nokogiri (1.10.8)
      mini_portile2 (~> 2.4.0)

PLATFORMS
  ruby

DEPENDENCIES
  minitest
  mixlib-cli
  nokogiri
