GEM
  remote: http://rubygems.org/
  specs:
    mini_portile2 (2.8.1)
    minitest (5.2.2)
    mixlib-cli (1.2.2)
    nokogiri (1.14.3)
      mini_portile2 (~> 2.8.0)
      racc (~> 1.4)
    racc (1.6.2)

PLATFORMS
  ruby

DEPENDENCIES
  minitest
  mixlib-cli
  nokogiri
