GEM
  remote: http://rubygems.org/
  specs:
    minitest (5.2.2)
    mixlib-cli (1.2.2)
    nokogiri (1.5.2)

PLATFORMS
  ruby

DEPENDENCIES
  minitest
  mixlib-cli
  nokogiri
