GEM
  remote: http://rubygems.org/
  specs:
    mini_portile2 (2.6.1)
    minitest (5.2.2)
    mixlib-cli (1.2.2)
    nokogiri (1.12.5)
      mini_portile2 (~> 2.6.1)
      racc (~> 1.4)
    racc (1.5.2)

PLATFORMS
  ruby

DEPENDENCIES
  minitest
  mixlib-cli
  nokogiri
